GEM
  remote: http://rubygems.org/
  specs:
    activesupport (4.2.5)
      i18n (~> 0.7)
      json (~> 1.7, >= 1.7.7)
      minitest (~> 5.1)
      thread_safe (~> 0.3, >= 0.3.4)
      tzinfo (~> 1.1)
    api_smith (1.2.0)
      hashie (~> 1.0)
      httparty
      net-http-persistent
    config_for (0.2.1)
      activesupport (>= 3.0)
    hashie (1.2.0)
    httparty (0.13.7)
      json (~> 1.8)
      multi_xml (>= 0.5.2)
    i18n (0.7.0)
    json (1.8.3)
    minitest (5.8.3)
    multi_xml (0.5.5)
    net-http-persistent (2.9.4)
    rake (10.4.2)
    thread_safe (0.3.5)
    tzinfo (1.2.2)
      thread_safe (~> 0.1)

PLATFORMS
  ruby

DEPENDENCIES
  api_smith (= 1.2.0)
  config_for
  rake

BUNDLED WITH
   1.11.2
